PATH
  remote: gems/advanced_importer
  specs:
    advanced_importer (2.0.6)
      rys

PATH
  remote: gems/custom_builtin_role
  specs:
    custom_builtin_role (1.1.5)
      rys

PATH
  remote: gems/dependent_list_custom_field
  specs:
    dependent_list_custom_field (1.0.16)
      rys

PATH
  remote: gems/easy-redmine
  specs:
    easy-redmine (0.6.3)
      easy (~> 2.1.1)
      rys

PATH
  remote: gems/easy_actions
  specs:
    easy_actions (0.5.5)
      easy-redmine (~> 0.6)
      easy_d3
      easy_dagre_d3
      finite_machine
      httparty
      rys

PATH
  remote: gems/easy_api
  specs:
    easy_api (1.0.2)
      rys

PATH
  remote: gems/easy_calculoid
  specs:
    easy_calculoid (1.0.9)
      rys

PATH
  remote: gems/easy_computed_field_from_query
  specs:
    easy_computed_field_from_query (1.0.7)
      rys

PATH
  remote: gems/easy_core
  specs:
    easy_core (0.0.20)
      rys

PATH
  remote: gems/easy_d3
  specs:
    easy_d3 (0.1.1)
      rys

PATH
  remote: gems/easy_dagre_d3
  specs:
    easy_dagre_d3 (0.1.1)
      easy_d3
      rys

PATH
  remote: gems/easy_graphql
  specs:
    easy_graphql (1.4.17)
      easy_api
      graphiql-rails
      graphql (~> 1.10.0)
      rys

PATH
  remote: gems/easy_integrations
  specs:
    easy_integrations (0.2.0)
      easy-redmine (~> 0.6)
      httparty
      rys
      sidekiq
      sidekiq-cron

PATH
  remote: gems/easy_money_cashflow
  specs:
    easy_money_cashflow (1.0.6)
      rys

PATH
  remote: gems/easy_monitoring
  specs:
    easy_monitoring (0.2.4)

PATH
  remote: gems/easy_oauth2
  specs:
    easy_oauth2 (1.6.2)
      easy-redmine (~> 0.6)
      easy_sso
      omniauth-oauth2
      rys

PATH
  remote: gems/easy_service_manager
  specs:
    easy_service_manager (1.0.14)
      rys

PATH
  remote: gems/easy_sso-saml_client
  specs:
    easy_sso-saml_client (1.3.0)
      easy_sso (~> 1.2)
      omniauth-saml (~> 1.10, >= 1.10.1)
      rys

PATH
  remote: gems/easy_sso-saml_server
  specs:
    easy_sso-saml_server (0.2.0)
      easy_sso (~> 1.2)
      rys
      saml_idp (~> 0.9.0)
      xmlenc (>= 0.6.4)

PATH
  remote: gems/easy_sso
  specs:
    easy_sso (1.2.2)
      rys

PATH
  remote: gems/easy_swagger
  specs:
    easy_swagger (3.2.18)
      easy_api (~> 1.0)
      rys
      swagger-blocks (~> 3.0)

PATH
  remote: gems/easy_twofa
  specs:
    easy_twofa (1.2.7)
      rotp (~> 6.2.0)
      rqrcode
      rys

PATH
  remote: gems/easy_watchers_list_autocomplete
  specs:
    easy_watchers_list_autocomplete (1.0.2)
      rys

PATH
  remote: gems/easy_zapier
  specs:
    easy_zapier (1.0.2)
      rys

PATH
  remote: gems/easy
  specs:
    easy (2.1.1)
      railties

PATH
  remote: gems/email_field_autocomplete
  specs:
    email_field_autocomplete (1.1.2)
      rys

PATH
  remote: gems/extended_users_context_menu
  specs:
    extended_users_context_menu (1.1.2)
      rys

PATH
  remote: gems/issue_duration
  specs:
    issue_duration (1.0.11)
      rys

PATH
  remote: gems/project_flags
  specs:
    project_flags (1.1.0)
      rys

PATH
  remote: gems/resource_reports
  specs:
    resource_reports (1.1.6)
      rys

PATH
  remote: gems/rorys
  specs:
    rorys (1.2.4)
      fugit
      rys

PATH
  remote: gems/rys_management
  specs:
    rys_management (1.1.1)
      rys (~> 1.4.12)

PATH
  remote: gems/rys
  specs:
    rys (1.4.17)
      redmine_extensions
      request_store
      tty-prompt

PATH
  remote: gems/ryspec
  specs:
    ryspec (0.2.20)
      capybara
      database_cleaner (~> 1.7.0)
      factory_bot_rails (~> 5.1)
      faker (~> 1.8.7)
      launchy (~> 2.4.3)
      poltergeist
      rspec-rails (~> 4.0)
      rys
      webmock (~> 3.8.1)

PATH
  remote: gems/search_in_administration
  specs:
    search_in_administration (1.1.4)
      rys

PATH
  remote: gems/security_user_lock
  specs:
    security_user_lock (1.0.9)
      rys

PATH
  remote: gems/show_last_comments_on_issue
  specs:
    show_last_comments_on_issue (1.1.3)
      rys

GEM
  remote: https://gems.easysoftware.com/
  specs:

GEM
  remote: https://rubygems.org/
  specs:
    actioncable (6.1.7.10)
      actionpack (= 6.1.7.10)
      activesupport (= 6.1.7.10)
      nio4r (~> 2.0)
      websocket-driver (>= 0.6.1)
    actionmailbox (6.1.7.10)
      actionpack (= 6.1.7.10)
      activejob (= 6.1.7.10)
      activerecord (= 6.1.7.10)
      activestorage (= 6.1.7.10)
      activesupport (= 6.1.7.10)
      mail (>= 2.7.1)
    actionmailer (6.1.7.10)
      actionpack (= 6.1.7.10)
      actionview (= 6.1.7.10)
      activejob (= 6.1.7.10)
      activesupport (= 6.1.7.10)
      mail (~> 2.5, >= 2.5.4)
      rails-dom-testing (~> 2.0)
    actionpack (6.1.7.10)
      actionview (= 6.1.7.10)
      activesupport (= 6.1.7.10)
      rack (~> 2.0, >= 2.0.9)
      rack-test (>= 0.6.3)
      rails-dom-testing (~> 2.0)
      rails-html-sanitizer (~> 1.0, >= 1.2.0)
    actionpack-xml_parser (2.0.1)
      actionpack (>= 5.0)
      railties (>= 5.0)
    actiontext (6.1.7.10)
      actionpack (= 6.1.7.10)
      activerecord (= 6.1.7.10)
      activestorage (= 6.1.7.10)
      activesupport (= 6.1.7.10)
      nokogiri (>= 1.8.5)
    actionview (6.1.7.10)
      activesupport (= 6.1.7.10)
      builder (~> 3.1)
      erubi (~> 1.4)
      rails-dom-testing (~> 2.0)
      rails-html-sanitizer (~> 1.1, >= 1.2.0)
    activejob (6.1.7.10)
      activesupport (= 6.1.7.10)
      globalid (>= 0.3.6)
    activemodel (6.1.7.10)
      activesupport (= 6.1.7.10)
    activemodel-serializers-xml (1.0.3)
      activemodel (>= 5.0.0.a)
      activesupport (>= 5.0.0.a)
      builder (~> 3.1)
    activerecord (6.1.7.10)
      activemodel (= 6.1.7.10)
      activesupport (= 6.1.7.10)
    activerecord-import (2.1.0)
      activerecord (>= 4.2)
    activeresource (6.1.4)
      activemodel (>= 6.0)
      activemodel-serializers-xml (~> 1.0)
      activesupport (>= 6.0)
    activestorage (6.1.7.10)
      actionpack (= 6.1.7.10)
      activejob (= 6.1.7.10)
      activerecord (= 6.1.7.10)
      activesupport (= 6.1.7.10)
      marcel (~> 1.0)
      mini_mime (>= 1.1.0)
    activesupport (6.1.7.10)
      concurrent-ruby (~> 1.0, >= 1.0.2)
      i18n (>= 1.6, < 2)
      minitest (>= 5.1)
      tzinfo (~> 2.0)
      zeitwerk (~> 2.3)
    acts-as-taggable-on (8.1.0)
      activerecord (>= 5.0, < 6.2)
    addressable (2.8.7)
      public_suffix (>= 2.0.2, < 7.0)
    ast (2.4.3)
    awesome_nested_set (3.8.0)
      activerecord (>= 4.0.0, < 8.1)
    base64 (0.2.0)
    bigdecimal (3.1.9)
    bootsnap (1.18.4)
      msgpack (~> 1.2)
    browser (5.2.0)
    builder (3.3.0)
    capybara (3.29.0)
      addressable
      mini_mime (>= 0.1.3)
      nokogiri (~> 1.8)
      rack (>= 1.6.0)
      rack-test (>= 0.6.3)
      regexp_parser (~> 1.5)
      xpath (~> 3.2)
    childprocess (3.0.0)
    chunky_png (1.4.0)
    climate_control (0.2.0)
    cliver (0.3.2)
    cocoon (1.2.15)
    coderay (1.1.3)
    commander (5.0.0)
      highline (~> 3.0.0)
    commonmarker (0.23.11)
    concurrent-ruby (1.3.5)
    connection_pool (2.5.0)
    countries (7.1.1)
      unaccent (~> 0.3)
    crack (1.0.0)
      bigdecimal
      rexml
    crass (1.0.6)
    css_parser (1.21.1)
      addressable
    csv (3.1.9)
    database_cleaner (1.7.0)
    date (3.4.1)
    deckar01-task_list (2.3.2)
      html-pipeline
    diff-lcs (1.6.1)
    docile (1.4.1)
    easy_server_timing (0.1.1)
      activesupport (>= 5.2.0)
      rack
    erubi (1.13.1)
    et-orbi (1.2.11)
      tzinfo
    execjs (2.10.0)
    factory_bot (5.2.0)
      activesupport (>= 4.2.0)
    factory_bot_rails (5.2.0)
      factory_bot (~> 5.2.0)
      railties (>= 4.2.0)
    faker (1.8.7)
      i18n (>= 0.7)
    faraday (2.12.2)
      faraday-net_http (>= 2.0, < 3.5)
      json
      logger
    faraday-net_http (3.4.0)
      net-http (>= 0.5.0)
    ffi (1.17.1-aarch64-linux-gnu)
    ffi (1.17.1-aarch64-linux-musl)
    ffi (1.17.1-arm-linux-gnu)
    ffi (1.17.1-arm-linux-musl)
    ffi (1.17.1-arm64-darwin)
    ffi (1.17.1-x86_64-darwin)
    ffi (1.17.1-x86_64-linux-gnu)
    ffi (1.17.1-x86_64-linux-musl)
    finite_machine (0.14.1)
      concurrent-ruby (~> 1.0)
      sync (~> 0.5)
    fugit (1.11.1)
      et-orbi (~> 1, >= 1.2.11)
      raabro (~> 1.4)
    geocoder (1.8.5)
      base64 (>= 0.1.0)
      csv (>= 3.0.0)
    globalid (1.2.1)
      activesupport (>= 6.1)
    graphiql-rails (1.10.4)
      railties
    graphql (1.10.14)
    hashdiff (1.1.2)
    hashie (5.0.0)
    highline (3.0.1)
    html-pipeline (2.13.2)
      activesupport (>= 2)
      nokogiri (>= 1.4)
    htmlentities (4.3.4)
    httparty (0.23.1)
      csv
      mini_mime (>= 1.0.0)
      multi_xml (>= 0.5.2)
    i18n (1.14.7)
      concurrent-ruby (~> 1.0)
    icalendar (2.5.3)
      ice_cube (~> 0.16)
    ice_cube (0.17.0)
    json (2.10.2)
    jwt (2.10.1)
      base64
    language_server-protocol (3.17.0.4)
    launchy (2.4.3)
      addressable (~> 2.3)
    letter_avatar (0.3.9)
    libv8 (3.16.14.19.1)
    libv8 (3.16.14.19.1-arm-linux)
    libv8 (3.16.14.19.1-armv7l-linux)
    libv8 (3.16.14.19.1-universal-darwin)
    libv8 (3.16.14.19.1-x86_64-darwin)
    libv8 (3.16.14.19.1-x86_64-linux)
    listen (3.9.0)
      rb-fsevent (~> 0.10, >= 0.10.3)
      rb-inotify (~> 0.9, >= 0.9.10)
    logger (1.7.0)
    loofah (2.7.0)
      crass (~> 1.0.2)
      nokogiri (>= 1.5.9)
    loofah-activerecord (2.0.0)
      loofah (>= 1.0.0)
    macaddr (1.7.2)
      systemu (~> 2.6.5)
    mail (2.8.1)
      mini_mime (>= 0.1.1)
      net-imap
      net-pop
      net-smtp
    marcel (1.0.4)
    method_source (1.1.0)
    mime-types (3.6.2)
      logger
      mime-types-data (~> 3.2015)
    mime-types-data (3.2025.0402)
    mimemagic (0.3.10)
      nokogiri (~> 1)
      rake
    mini_magick (4.12.0)
    mini_mime (1.1.5)
    minitest (5.25.5)
    mocha (2.7.1)
      ruby2_keywords (>= 0.0.5)
    msgpack (1.8.0)
    multi_json (1.15.0)
    multi_xml (0.7.1)
      bigdecimal (~> 3.1)
    mysql2 (0.5.6)
    net-http (0.6.0)
      uri
    net-imap (0.3.8)
      date
      net-protocol
    net-ldap (0.17.1)
    net-pop (0.1.2)
      net-protocol
    net-protocol (0.2.2)
      timeout
    net-smtp (0.3.4)
      net-protocol
    nio4r (2.7.4)
    nitlink (1.1.0)
    nokogiri (1.18.3-aarch64-linux-gnu)
      racc (~> 1.4)
    nokogiri (1.18.3-aarch64-linux-musl)
      racc (~> 1.4)
    nokogiri (1.18.3-arm-linux-gnu)
      racc (~> 1.4)
    nokogiri (1.18.3-arm-linux-musl)
      racc (~> 1.4)
    nokogiri (1.18.3-arm64-darwin)
      racc (~> 1.4)
    nokogiri (1.18.3-x86_64-darwin)
      racc (~> 1.4)
    nokogiri (1.18.3-x86_64-linux-gnu)
      racc (~> 1.4)
    nokogiri (1.18.3-x86_64-linux-musl)
      racc (~> 1.4)
    oauth2 (1.4.11)
      faraday (>= 0.17.3, < 3.0)
      jwt (>= 1.0, < 3.0)
      multi_json (~> 1.3)
      multi_xml (~> 0.5)
      rack (>= 1.2, < 4)
    oj (3.10.18)
    omniauth (1.9.2)
      hashie (>= 3.4.6)
      rack (>= 1.6.2, < 3)
    omniauth-oauth2 (1.5.0)
      oauth2 (~> 1.1)
      omniauth (~> 1.2)
    omniauth-saml (1.10.6)
      omniauth (~> 1.3, >= 1.3.2)
      ruby-saml (~> 1.18)
    paperclip (6.0.0)
      activemodel (>= 4.2.0)
      activesupport (>= 4.2.0)
      mime-types
      mimemagic (~> 0.3.0)
      terrapin (~> 0.6.0)
    parallel (1.26.3)
    parser (3.3.7.4)
      ast (~> 2.4.1)
      racc
    parslet (2.0.0)
    password_strength (1.1.4)
      activemodel
    pastel (0.8.0)
      tty-color (~> 0.5)
    pdfkit (0.8.4.3.2)
    poltergeist (1.18.1)
      capybara (>= 2.1, < 4)
      cliver (~> 0.3.1)
      websocket-driver (>= 0.2.0)
    prism (1.4.0)
    pry (0.15.2)
      coderay (~> 1.1)
      method_source (~> 1.0)
    pry-rails (0.3.11)
      pry (>= 0.13.0)
    public_suffix (6.0.1)
    puma (5.6.9)
      nio4r (~> 2.0)
    raabro (1.4.0)
    racc (1.8.1)
    rack (2.2.13)
    rack-protection (3.2.0)
      base64 (>= 0.1.0)
      rack (~> 2.2, >= 2.2.4)
    rack-test (2.2.0)
      rack (>= 1.3)
    rails (6.1.7.10)
      actioncable (= 6.1.7.10)
      actionmailbox (= 6.1.7.10)
      actionmailer (= 6.1.7.10)
      actionpack (= 6.1.7.10)
      actiontext (= 6.1.7.10)
      actionview (= 6.1.7.10)
      activejob (= 6.1.7.10)
      activemodel (= 6.1.7.10)
      activerecord (= 6.1.7.10)
      activestorage (= 6.1.7.10)
      activesupport (= 6.1.7.10)
      bundler (>= 1.15.0)
      railties (= 6.1.7.10)
      sprockets-rails (>= 2.0.0)
    rails-controller-testing (1.0.5)
      actionpack (>= 5.0.1.rc1)
      actionview (>= 5.0.1.rc1)
      activesupport (>= 5.0.1.rc1)
    rails-dom-testing (2.2.0)
      activesupport (>= 5.0.0)
      minitest
      nokogiri (>= 1.6)
    rails-html-sanitizer (1.4.3)
      loofah (~> 2.3)
    rails-observers (0.1.5)
      activemodel (>= 4.0)
    railties (6.1.7.10)
      actionpack (= 6.1.7.10)
      activesupport (= 6.1.7.10)
      method_source
      rake (>= 12.2)
      thor (~> 1.0)
    rainbow (3.1.1)
    rake (13.2.1)
    rb-fsevent (0.11.2)
    rb-inotify (0.11.1)
      ffi (~> 1.0)
    rbpdf (1.21.3)
      htmlentities
      rbpdf-font (~> 1.19.0)
    rbpdf-font (1.19.1)
    redcarpet (3.6.1)
    redis (4.8.1)
    redis-namespace (1.8.2)
      redis (>= 3.0.4)
    redmine-installer (3.0.4)
      bundler (>= 2.3.7)
      commander
      pastel (~> 0.8.0)
      rubyzip
      tty-progressbar (~> 0.18.2)
      tty-prompt (~> 0.23.1)
      tty-spinner (~> 0.8.0)
    redmine_extensions (0.5.1)
      rails (>= 6.1)
    ref (2.0.0)
    regexp_parser (1.8.2)
    request_store (1.5.1)
      rack (>= 1.4)
    rexml (3.4.1)
    rinku (2.0.6)
    roadie (5.2.1)
      css_parser (~> 1.4)
      nokogiri (~> 1.15)
    roadie-rails (3.1.0)
      railties (>= 5.1, < 8.0)
      roadie (~> 5.0)
    roo (2.10.1)
      nokogiri (~> 1)
      rubyzip (>= 1.3.0, < 3.0.0)
    roo-xls (1.2.0)
      nokogiri
      roo (>= 2.0.0, < 3)
      spreadsheet (> 0.9.0)
    rotp (6.2.2)
    rouge (4.2.1)
    rqrcode (2.2.0)
      chunky_png (~> 1.0)
      rqrcode_core (~> 1.0)
    rqrcode_core (1.2.0)
    rspec-core (3.13.3)
      rspec-support (~> 3.13.0)
    rspec-expectations (3.13.3)
      diff-lcs (>= 1.2.0, < 2.0)
      rspec-support (~> 3.13.0)
    rspec-mocks (3.13.2)
      diff-lcs (>= 1.2.0, < 2.0)
      rspec-support (~> 3.13.0)
    rspec-rails (4.1.2)
      actionpack (>= 4.2)
      activesupport (>= 4.2)
      railties (>= 4.2)
      rspec-core (~> 3.10)
      rspec-expectations (~> 3.10)
      rspec-mocks (~> 3.10)
      rspec-support (~> 3.10)
    rspec-retry (0.5.7)
      rspec-core (> 3.3)
    rspec-support (3.13.2)
    rubocop (1.57.2)
      json (~> 2.3)
      language_server-protocol (>= 3.17.0)
      parallel (~> 1.10)
      parser (>= 3.2.2.4)
      rainbow (>= 2.2.2, < 4.0)
      regexp_parser (>= 1.8, < 3.0)
      rexml (>= 3.2.5, < 4.0)
      rubocop-ast (>= 1.28.1, < 2.0)
      ruby-progressbar (~> 1.7)
      unicode-display_width (>= 2.4.0, < 3.0)
    rubocop-ast (1.44.0)
      parser (>= 3.3.7.2)
      prism (~> 1.4)
    rubocop-performance (1.19.1)
      rubocop (>= 1.7.0, < 2.0)
      rubocop-ast (>= 0.4.0)
    rubocop-rails (2.22.2)
      activesupport (>= 4.2.0)
      rack (>= 1.1)
      rubocop (>= 1.33.0, < 2.0)
      rubocop-ast (>= 1.30.0, < 2.0)
    ruby-msg (1.5.3.1)
      ruby-ole (>= 1.2.8)
      vpim (>= 0.360)
    ruby-ole (1.2.13.1)
    ruby-progressbar (1.13.0)
    ruby-saml (1.18.0)
      nokogiri (>= 1.13.10)
      rexml
    ruby2_keywords (0.0.5)
    rubyXL (3.4.33)
      nokogiri (>= 1.10.8)
      rubyzip (>= 1.3.0)
    rubyzip (2.3.2)
    saml_idp (0.9.0)
      activesupport (>= 3.2)
      builder (>= 3.0)
      nokogiri (>= 1.6.2)
      uuid (>= 2.3)
    sanitize (6.1.3)
      crass (~> 1.0.2)
      nokogiri (>= 1.12.0)
    sassc (2.4.0)
      ffi (~> 1.9)
    sassc-rails (2.1.2)
      railties (>= 4.0.0)
      sassc (>= 2.0)
      sprockets (> 3.0)
      sprockets-rails
      tilt
    selenium-webdriver (3.142.6)
      childprocess (>= 0.5, < 4.0)
      rubyzip (>= 1.2.2)
    sidekiq (5.2.7)
      connection_pool (~> 2.2, >= 2.2.2)
      rack (>= 1.5.0)
      rack-protection (>= 1.5.0)
      redis (>= 3.3.5, < 5)
    sidekiq-cron (1.9.1)
      fugit (~> 1.8)
      sidekiq (>= 4.2.1)
    simple-rss (1.3.3)
    simplecov (0.16.1)
      docile (~> 1.1)
      json (>= 1.8, < 3)
      simplecov-html (~> 0.10.0)
    simplecov-html (0.10.2)
    spreadsheet (1.3.4)
      bigdecimal
      logger
      ruby-ole
    sprockets (3.7.5)
      base64
      concurrent-ruby (~> 1.0)
      rack (> 1, < 3)
    sprockets-rails (3.5.2)
      actionpack (>= 6.1)
      activesupport (>= 6.1)
      sprockets (>= 3.0.0)
    strings-ansi (0.2.0)
    swagger-blocks (3.0.0)
    sync (0.5.0)
    systemu (2.6.5)
    terrapin (0.6.0)
      climate_control (>= 0.0.3, < 1.0)
    therubyracer (0.12.3)
      libv8 (~> 3.16.14.15)
      ref
    thor (1.3.2)
    tilt (2.6.0)
    timeout (0.4.3)
    tty-color (0.6.0)
    tty-cursor (0.7.1)
    tty-progressbar (0.18.3)
      strings-ansi (~> 0.2)
      tty-cursor (~> 0.7)
      tty-screen (~> 0.8)
      unicode-display_width (>= 1.6, < 3.0)
    tty-prompt (0.23.1)
      pastel (~> 0.8)
      tty-reader (~> 0.8)
    tty-reader (0.9.0)
      tty-cursor (~> 0.7)
      tty-screen (~> 0.8)
      wisper (~> 2.0)
    tty-screen (0.8.2)
    tty-spinner (0.8.0)
      tty-cursor (>= 0.5.0)
    tzinfo (2.0.6)
      concurrent-ruby (~> 1.0)
    uglifier (4.1.12)
      execjs (>= 0.3.0, < 3)
    unaccent (0.4.0)
    unicode-display_width (2.6.0)
    uri (1.0.3)
    uuid (2.3.9)
      macaddr (~> 1.0)
    vcard (0.3.0)
    vpim (24.2.20)
    webmock (3.8.3)
      addressable (>= 2.3.6)
      crack (>= 0.3.2)
      hashdiff (>= 0.4.0, < 2.0.0)
    websocket-driver (0.7.7)
      base64
      websocket-extensions (>= 0.1.0)
    websocket-extensions (0.1.5)
    wisper (2.0.1)
    with_advisory_lock (5.1.0)
      activerecord (>= 6.1)
      zeitwerk (>= 2.6)
    xmlenc (0.8.0)
      activemodel (>= 3.0.0)
      activesupport (>= 3.0.0)
      nokogiri (>= 1.6.0, < 2.0.0)
      xmlmapper (>= 0.7.3)
    xmlmapper (0.8.1)
      nokogiri (~> 1.11)
    xpath (3.2.0)
      nokogiri (~> 1.8)
    yard (0.9.37)
    zeitwerk (2.6.18)

PLATFORMS
  aarch64-linux-gnu
  aarch64-linux-musl
  arm-linux
  arm-linux-gnu
  arm-linux-musl
  arm64-darwin
  armv7l-linux
  universal-darwin
  x86_64-darwin
  x86_64-linux-gnu
  x86_64-linux-musl

DEPENDENCIES
  actionpack-xml_parser
  activemodel-serializers-xml
  activerecord-import (>= 0.4.0)
  activeresource
  acts-as-taggable-on (~> 8.1)
  addressable
  advanced_importer!
  awesome_nested_set
  bootsnap
  browser (~> 5.2.0)
  capybara (= 3.29)
  cocoon
  commonmarker (~> 0.23.8)
  concurrent-ruby
  countries
  csv (~> 3.1.1)
  custom_builtin_role!
  deckar01-task_list (= 2.3.2)
  dependent_list_custom_field!
  easy!
  easy-redmine!
  easy_actions!
  easy_api!
  easy_calculoid!
  easy_computed_field_from_query!
  easy_core!
  easy_d3!
  easy_dagre_d3!
  easy_graphql!
  easy_integrations!
  easy_money_cashflow!
  easy_monitoring!
  easy_oauth2!
  easy_server_timing (~> 0.1)
  easy_service_manager!
  easy_sso!
  easy_sso-saml_client!
  easy_sso-saml_server!
  easy_swagger!
  easy_twofa!
  easy_watchers_list_autocomplete!
  easy_zapier!
  email_field_autocomplete!
  extended_users_context_menu!
  ffi
  geocoder
  html-pipeline (~> 2.13.2)
  httparty
  i18n (~> 1.14.1)
  icalendar (= 2.5.3)
  issue_duration!
  letter_avatar
  listen (~> 3.3)
  loofah (~> 2.7.0)
  loofah-activerecord
  mail
  marcel
  mini_magick (~> 4.12.0)
  mini_mime (~> 1.1.0)
  mocha (>= 2.0.1)
  mysql2 (~> 0.5.0)
  net-imap (~> 0.3.4)
  net-ldap (~> 0.17.0)
  net-pop (~> 0.1.2)
  net-smtp (~> 0.3.3)
  nitlink
  nokogiri (= 1.18.3)
  oj (~> 3.10.16)
  omniauth (>= 1.4.2)
  omniauth-oauth2 (~> 1.5.0)
  paperclip (~> 6.0.0)
  parslet
  password_strength (~> 1.1.4)
  pdfkit (= 0.8.4.3.2)
  project_flags!
  pry-rails
  puma (> 4, < 6)
  rack (~> 2.2.2)
  rails (= 6.1.7.10)
  rails-controller-testing
  rails-dom-testing
  rails-observers
  rbpdf (~> 1.21.3)
  redcarpet (~> 3.6.0)
  redis
  redis-namespace (~> 1.8.0)
  redmine-installer (>= 2.1)
  redmine_extensions (~> 0.5.1)
  request_store (~> 1.5.0)
  resource_reports!
  rexml
  rinku
  roadie-rails (~> 3.1.0)
  roo
  roo-xls
  rorys!
  rotp (>= 5.0.0)
  rouge (~> 4.2.0)
  rqrcode
  rspec-retry (~> 0.5.7)
  rubocop (~> 1.57.0)
  rubocop-performance (~> 1.19.0)
  rubocop-rails (~> 2.22.1)
  ruby-msg (~> 1.5.2)
  rubyXL (~> 3.4.14)
  rubyzip (~> 2.3.0)
  rys!
  rys_management!
  ryspec!
  sanitize (~> 6.0)
  sassc (>= 1.12.1)
  sassc-rails
  search_in_administration!
  security_user_lock!
  selenium-webdriver (= 3.142.6)
  show_last_comments_on_issue!
  sidekiq (~> 5.2, >= 5.2.7)
  sidekiq-cron
  simple-rss
  simplecov (~> 0.16.1)
  sprockets (~> 3.7.2)
  sprockets-rails (>= 3.0.0)
  therubyracer
  tzinfo-data
  uglifier (= 4.1.12)
  vcard
  with_advisory_lock
  yard

RUBY VERSION
   ruby 3.1.4p223

BUNDLED WITH
   2.6.6
